GEM
  remote: https://rubygems.org/
  specs:
    chunky_png (1.4.0)
    ffi (1.15.5)
    ffi (1.15.5-x64-mingw-ucrt)
    mittsu (0.3.3)
      chunky_png
      ffi
      opengl-bindings
    opengl-bindings (1.6.12)

PLATFORMS
  x64-mingw-ucrt
  x86_64-darwin-21

DEPENDENCIES
  mittsu (~> 0.3.3)

BUNDLED WITH
   2.3.6
